GEM
  specs:
    psych (3.1.0)

PLATFORMS
  ruby

DEPENDENCIES
  psych

BUNDLED WITH
   1.17.2
